GEM
  remote: https://rubygems.org/
  specs:
    minitest (5.11.3)
    rake (12.3.0)

PLATFORMS
  java
  ruby

DEPENDENCIES
  minitest
  rake

BUNDLED WITH
   1.16.1
